GEM
  remote: https://rubygems.org/
  specs:
    bigdecimal (3.3.1)
    csv (3.3.5)
    date (3.4.1)
    httparty (0.23.2)
      csv
      mini_mime (>= 1.0.0)
      multi_xml (>= 0.5.2)
    json (2.15.1)
    mini_mime (1.1.5)
    multi_xml (0.7.2)
      bigdecimal (~> 3.1)
    optparse (0.6.0)
    uri (1.0.4)

PLATFORMS
  arm64-darwin-24
  ruby

DEPENDENCIES
  date
  httparty
  json
  optparse
  uri

BUNDLED WITH
   2.7.2
